GEM
  remote: https://rubygems.org/
  specs:
    CFPropertyList (2.2.8)
    activemodel (4.2.5)
      activesupport (= 4.2.5)
      builder (~> 3.1)
    activesupport (4.2.5)
      i18n (~> 0.7)
      json (~> 1.7, >= 1.7.7)
      minitest (~> 5.1)
      thread_safe (~> 0.3, >= 0.3.4)
      tzinfo (~> 1.1)
    addressable (2.4.0)
    backports (3.6.7)
    builder (3.2.2)
    ethon (0.8.1)
      ffi (>= 1.3.0)
    facter (2.4.4)
      CFPropertyList (~> 2.2.6)
    faraday (0.9.2)
      multipart-post (>= 1.2, < 3)
    faraday_middleware (0.10.0)
      faraday (>= 0.7.4, < 0.10)
    ffi (1.9.10)
    gh (0.14.0)
      addressable
      backports
      faraday (~> 0.8)
      multi_json (~> 1.0)
      net-http-persistent (>= 2.7)
      net-http-pipeline
    her (0.6.8)
      activemodel (>= 3.0.0)
      activesupport (>= 3.0.0)
      faraday (~> 0.8)
      multi_json (~> 1.7)
    hiera (3.0.5)
      json_pure
    highline (1.7.8)
    i18n (0.7.0)
    json (1.8.3)
    json_pure (1.8.3)
    kitchen-puppet (1.0.35)
      test-kitchen (~> 1.4)
    kitchen-vagrant (0.19.0)
      test-kitchen (~> 1.4)
    launchy (2.4.3)
      addressable (~> 2.3)
    librarian-puppet (2.2.1)
      librarianp (>= 0.6.3)
      puppet_forge (~> 1.0)
      rsync
    librarianp (0.6.3)
      thor (~> 0.15)
    minitest (5.8.3)
    mixlib-shellout (2.2.5)
    multi_json (1.11.2)
    multipart-post (2.0.0)
    net-http-persistent (2.9.4)
    net-http-pipeline (1.0.1)
    net-scp (1.2.1)
      net-ssh (>= 2.6.5)
    net-ssh (2.9.2)
    puppet (4.3.1)
      facter (> 2.0, < 4)
      hiera (>= 2.0, < 4)
      json_pure
    puppet_forge (1.0.5)
      her (~> 0.6.8)
    pusher-client (0.6.2)
      json
      websocket (~> 1.0)
    rsync (1.0.9)
    safe_yaml (1.0.4)
    test-kitchen (1.4.2)
      mixlib-shellout (>= 1.2, < 3.0)
      net-scp (~> 1.1)
      net-ssh (~> 2.7, < 2.10)
      safe_yaml (~> 1.0)
      thor (~> 0.18)
    thor (0.19.1)
    thread_safe (0.3.5)
    travis (1.8.2)
      backports
      faraday (~> 0.9)
      faraday_middleware (~> 0.9, >= 0.9.1)
      gh (~> 0.13)
      highline (~> 1.6)
      launchy (~> 2.1)
      pusher-client (~> 0.4)
      typhoeus (~> 0.6, >= 0.6.8)
    typhoeus (0.8.0)
      ethon (>= 0.8.0)
    tzinfo (1.2.2)
      thread_safe (~> 0.1)
    websocket (1.2.2)

PLATFORMS
  ruby

DEPENDENCIES
  kitchen-puppet
  kitchen-vagrant
  librarian-puppet
  puppet
  test-kitchen
  travis

BUNDLED WITH
   1.11.2
